GEM
  remote: https://rubygems.org/
  specs:
    addressable (2.8.0)
      public_suffix (>= 2.0.2, < 5.0)
    concurrent-ruby (1.1.5)
    declarative (0.0.10)
    declarative-option (0.1.0)
    dotenv (2.7.5)
    faker (2.2.2)
      i18n (~> 1.6.0)
    faraday (0.15.4)
      multipart-post (>= 1.2, < 3)
    google-api-client (0.30.8)
      addressable (~> 2.5, >= 2.5.1)
      googleauth (>= 0.5, < 0.10.0)
      httpclient (>= 2.8.1, < 3.0)
      mini_mime (~> 1.0)
      representable (~> 3.0)
      retriable (>= 2.0, < 4.0)
      signet (~> 0.10)
    googleauth (0.9.0)
      faraday (~> 0.12)
      jwt (>= 1.4, < 3.0)
      memoist (~> 0.16)
      multi_json (~> 1.11)
      os (>= 0.9, < 2.0)
      signet (~> 0.7)
    httpclient (2.8.3)
    i18n (1.6.0)
      concurrent-ruby (~> 1.0)
    json_pure (2.2.0)
    jwt (2.2.1)
    memoist (0.16.0)
    mini_mime (1.0.2)
    multi_json (1.13.1)
    multipart-post (2.1.1)
    os (1.0.1)
    public_suffix (4.0.6)
    representable (3.0.4)
      declarative (< 0.1.0)
      declarative-option (< 0.2.0)
      uber (< 0.2.0)
    retriable (3.1.2)
    signet (0.11.0)
      addressable (~> 2.3)
      faraday (~> 0.9)
      jwt (>= 1.5, < 3.0)
      multi_json (~> 1.10)
    uber (0.1.0)

PLATFORMS
  ruby

DEPENDENCIES
  dotenv
  faker
  faraday
  google-api-client
  json_pure

RUBY VERSION
   ruby 2.6.4p104

BUNDLED WITH
   1.17.2
